PATH
  remote: .
  specs:
    devcamp_view_tool_takahito (0.1.0)

GEM
  remote: https://rubygems.org/
  specs:
    rake (10.5.0)

PLATFORMS
  ruby

DEPENDENCIES
  bundler (~> 1.17)
  devcamp_view_tool_takahito!
  rake (~> 10.0)

BUNDLED WITH
   1.17.2
